PATH
  remote: ../../rurema/bitclust
  specs:
    bitclust-core (1.3.1)
      progressbar (>= 1.9.0, < 2.0)
      rack
      webrick

GEM
  remote: https://rubygems.org/
  specs:
    graphql (1.11.6)
    progressbar (1.11.0)
    rack (2.2.3)
    webrick (1.7.0)

PLATFORMS
  ruby

DEPENDENCIES
  bitclust-core!
  graphql

BUNDLED WITH
   2.2.3
